GIT
  remote: git@github.com:zooniverse/Front-End-Assets.git
  revision: 01cd404233c9e2cf32afb77b4845d769c335c61e
  branch: app
  specs:
    zoo (0.0.7)
      bourbon
      coffee-script
      colored
      foreman (= 0.47)
      grabass
      sass
      thor

GEM
  remote: http://rubygems.org/
  specs:
    aws-sdk (1.8.0)
      httparty (~> 0.7)
      json (~> 1.4)
      nokogiri (>= 1.4.4)
      uuidtools (~> 2.1)
    bourbon (2.1.2)
      sass (>= 3.2)
      thor
    bson (1.7.0)
    coffee-script (2.2.0)
      coffee-script-source
      execjs
    coffee-script-source (1.4.0)
    colored (1.2)
    execjs (1.4.0)
      multi_json (~> 1.0)
    foreman (0.47.0)
      thor (>= 0.13.6)
    grabass (0.3.0)
    httparty (0.9.0)
      multi_json (~> 1.0)
      multi_xml
    json (1.7.5)
    multi_json (1.3.6)
    multi_xml (0.5.1)
    nokogiri (1.5.6)
    sass (3.2.1)
    thor (0.16.0)
    uuidtools (2.1.3)

PLATFORMS
  ruby

DEPENDENCIES
  aws-sdk
  bson
  zoo!
