GIT
  remote: git@github.com:zooniverse/Front-End-Assets.git
  revision: 47026644c2b2841a90b588bf2d081548e6bfa97c
  branch: app
  specs:
    zoo (0.0.2)
      coffee-script
      colored
      grabass
      sass
      thor

GEM
  remote: http://rubygems.org/
  specs:
    coffee-script (2.2.0)
      coffee-script-source
      execjs
    coffee-script-source (1.3.3)
    colored (1.2)
    execjs (1.4.0)
      multi_json (~> 1.0)
    grabass (0.3.0)
    multi_json (1.3.6)
    sass (3.1.19)
    thor (0.15.2)

PLATFORMS
  ruby

DEPENDENCIES
  zoo!
