GIT
  remote: git@github.com:zooniverse/Front-End-Assets.git
  revision: 01cd404233c9e2cf32afb77b4845d769c335c61e
  branch: app
  specs:
    zoo (0.0.7)
      bourbon
      coffee-script
      colored
      foreman (= 0.47)
      grabass
      sass
      thor

GEM
  remote: http://rubygems.org/
  specs:
    bourbon (2.1.1)
      sass (>= 3.1)
    coffee-script (2.2.0)
      coffee-script-source
      execjs
    coffee-script-source (1.4.0)
    colored (1.2)
    execjs (1.4.0)
      multi_json (~> 1.0)
    foreman (0.47.0)
      thor (>= 0.13.6)
    grabass (0.3.0)
    multi_json (1.3.6)
    sass (3.2.1)
    thor (0.16.0)

PLATFORMS
  ruby

DEPENDENCIES
  zoo!
